GEM
  remote: http://rubygems.org/
  remote: http://rubygems.org/
  remote: http://rubygems.org/
  remote: http://gems.rubyforge.org/
  remote: http://rubygems.org/
  remote: http://gemcutter.org/
  remote: http://gems.github.com/
  specs:
    httparty (0.10.2)
      multi_json (~> 1.0)
      multi_xml (>= 0.5.2)
    json (1.7.7)
    multi_json (1.7.4)
    multi_xml (0.5.3)

PLATFORMS
  ruby

DEPENDENCIES
  httparty
  json (~> 1.7.7)
